PATH
  remote: .
  specs:
    manifold-tools (0.1.0)
      active_interaction (~> 3.0)
      activesupport (>= 6.0.3.1)
      attr_lazy
      awesome_print
      cleanroom
      commander
      dotenv
      dux
      faraday-http-cache
      git
      google-cloud
      google-cloud-storage
      jenkins_api_client
      kramdown (>= 2.3.1)
      octokit
      oj
      pastel (~> 0)
      pry
      ptools
      rubocop
      semantic
      thor (~> 0.20.0)
      tty-box (~> 0)
      tty-color (~> 0)
      tty-command (~> 0)
      tty-config (~> 0)
      tty-cursor (~> 0)
      tty-editor (~> 0)
      tty-file (~> 0)
      tty-font (~> 0)
      tty-logger (~> 0)
      tty-markdown (~> 0)
      tty-pager (~> 0)
      tty-pie (~> 0)
      tty-platform (~> 0)
      tty-progressbar (~> 0)
      tty-prompt (~> 0)
      tty-screen (~> 0)
      tty-spinner (~> 0)
      tty-table (~> 0)
      tty-tree (~> 0)
      tty-which (~> 0)
      zeitwerk (~> 2.2.0)

GEM
  remote: https://rubygems.org/
  specs:
    active_interaction (3.8.3)
      activemodel (>= 4, < 7)
    activemodel (6.0.3.7)
      activesupport (= 6.0.3.7)
    activesupport (6.0.3.7)
      concurrent-ruby (~> 1.0, >= 1.0.2)
      i18n (>= 0.7, < 2)
      minitest (~> 5.1)
      tzinfo (~> 1.1)
      zeitwerk (~> 2.2, >= 2.2.2)
    addressable (2.7.0)
      public_suffix (>= 2.0.2, < 5.0)
    ast (2.4.2)
    attr_lazy (0.0.2)
    awesome_print (1.9.2)
    chef-utils (17.0.242)
      concurrent-ruby
    cleanroom (1.0.0)
    coderay (1.1.3)
    commander (4.6.0)
      highline (~> 2.0.0)
    concurrent-ruby (1.1.8)
    declarative (0.0.20)
    diff-lcs (1.4.4)
    digest-crc (0.6.0)
    dotenv (2.7.6)
    dux (0.8.0)
      yard_types
    faraday (1.4.1)
      faraday-excon (~> 1.1)
      faraday-net_http (~> 1.0)
      faraday-net_http_persistent (~> 1.1)
      multipart-post (>= 1.2, < 3)
      ruby2_keywords (>= 0.0.4)
    faraday-excon (1.1.0)
    faraday-http-cache (2.2.0)
      faraday (>= 0.8)
    faraday-net_http (1.0.1)
    faraday-net_http_persistent (1.1.0)
    gapic-common (0.4.1)
      faraday (~> 1.3)
      google-protobuf (~> 3.15, >= 3.15.2)
      googleapis-common-protos (>= 1.3.11, < 2.0)
      googleapis-common-protos-types (>= 1.0.6, < 2.0)
      googleauth (~> 0.15, >= 0.15.1)
      grpc (~> 1.36)
    git (1.8.1)
      rchardet (~> 1.8)
    google-apis-bigquery_v2 (0.9.0)
      google-apis-core (~> 0.1)
    google-apis-cloudresourcemanager_v1 (0.8.0)
      google-apis-core (~> 0.1)
    google-apis-core (0.3.0)
      addressable (~> 2.5, >= 2.5.1)
      googleauth (~> 0.14)
      httpclient (>= 2.8.1, < 3.0)
      mini_mime (~> 1.0)
      representable (~> 3.0)
      retriable (>= 2.0, < 4.0)
      rexml
      signet (~> 0.14)
      webrick
    google-apis-dns_v1 (0.8.0)
      google-apis-core (~> 0.1)
    google-apis-iamcredentials_v1 (0.3.0)
      google-apis-core (~> 0.1)
    google-apis-storage_v1 (0.3.0)
      google-apis-core (~> 0.1)
    google-cloud (0.64.0)
      google-cloud-asset (~> 0.1)
      google-cloud-bigquery (~> 1.1)
      google-cloud-bigquery-data_transfer (~> 0.1)
      google-cloud-bigtable (~> 1.0)
      google-cloud-container (~> 0.1)
      google-cloud-dataproc (~> 0.1)
      google-cloud-datastore (~> 1.4)
      google-cloud-dialogflow (~> 0.1)
      google-cloud-dlp (~> 0.4)
      google-cloud-dns (~> 0.28)
      google-cloud-error_reporting (~> 0.30)
      google-cloud-firestore (~> 1.0)
      google-cloud-kms (~> 1.0)
      google-cloud-language (~> 0.30)
      google-cloud-logging (~> 1.5)
      google-cloud-monitoring (~> 0.28)
      google-cloud-os_login (~> 0.1)
      google-cloud-phishing_protection (~> 0.1)
      google-cloud-pubsub (~> 1.0)
      google-cloud-recaptcha_enterprise (~> 0.1)
      google-cloud-redis (~> 0.2)
      google-cloud-resource_manager (~> 0.29)
      google-cloud-scheduler (~> 1.0)
      google-cloud-security_center (~> 0.1)
      google-cloud-spanner (~> 1.3)
      google-cloud-speech (~> 0.29)
      google-cloud-storage (~> 1.10)
      google-cloud-talent (~> 0.1)
      google-cloud-tasks (~> 1.0)
      google-cloud-text_to_speech (~> 0.1)
      google-cloud-trace (~> 0.31)
      google-cloud-translate (~> 2.0)
      google-cloud-video_intelligence (~> 2.0)
      google-cloud-vision (~> 0.28)
    google-cloud-asset (0.8.1)
      google-gax (~> 1.8)
      googleapis-common-protos (>= 1.3.9, < 2.0)
      googleapis-common-protos-types (>= 1.0.4, < 2.0)
      grpc-google-iam-v1 (~> 0.6.9)
    google-cloud-bigquery (1.31.0)
      concurrent-ruby (~> 1.0)
      google-apis-bigquery_v2 (~> 0.1)
      google-cloud-core (~> 1.2)
      googleauth (~> 0.9)
      mini_mime (~> 1.0)
    google-cloud-bigquery-data_transfer (0.9.0)
      google-gax (~> 1.8)
      googleapis-common-protos (>= 1.3.9, < 2.0)
      googleapis-common-protos-types (>= 1.0.4, < 2.0)
    google-cloud-bigtable (1.3.0)
      google-cloud-core (~> 1.1)
      google-gax (~> 1.8)
      googleapis-common-protos (>= 1.3.9, < 2.0)
      googleapis-common-protos-types (>= 1.0.4, < 2.0)
      grpc-google-iam-v1 (~> 0.6.9)
    google-cloud-container (0.11.0)
      google-gax (~> 1.8)
      googleapis-common-protos (>= 1.3.9, < 2.0)
      googleapis-common-protos-types (>= 1.0.4, < 2.0)
    google-cloud-core (1.6.0)
      google-cloud-env (~> 1.0)
      google-cloud-errors (~> 1.0)
    google-cloud-dataproc (0.10.0)
      google-gax (~> 1.8)
      googleapis-common-protos (>= 1.3.9, < 2.0)
      googleapis-common-protos-types (>= 1.0.4, < 2.0)
    google-cloud-datastore (1.8.2)
      google-cloud-core (~> 1.2)
      google-gax (~> 1.8)
      googleapis-common-protos (>= 1.3.9, < 2.0)
      googleapis-common-protos-types (>= 1.0.4, < 2.0)
    google-cloud-dialogflow (0.15.0)
      google-gax (~> 1.8)
      googleapis-common-protos (>= 1.3.9, < 2.0)
      googleapis-common-protos-types (>= 1.0.4, < 2.0)
    google-cloud-dlp (0.15.0)
      google-gax (~> 1.8)
      googleapis-common-protos (>= 1.3.9, < 2.0)
      googleapis-common-protos-types (>= 1.0.4, < 2.0)
    google-cloud-dns (0.35.0)
      google-apis-dns_v1 (~> 0.1)
      google-cloud-core (~> 1.2)
      googleauth (~> 0.9)
      zonefile (~> 1.04)
    google-cloud-env (1.5.0)
      faraday (>= 0.17.3, < 2.0)
    google-cloud-error_reporting (0.42.0)
      concurrent-ruby (~> 1.1)
      google-cloud-core (~> 1.5)
      google-cloud-error_reporting-v1beta1 (~> 0.0)
      stackdriver-core (~> 1.3)
    google-cloud-error_reporting-v1beta1 (0.4.0)
      gapic-common (~> 0.3)
      google-cloud-errors (~> 1.0)
    google-cloud-errors (1.1.0)
    google-cloud-firestore (1.4.4)
      concurrent-ruby (~> 1.0)
      google-cloud-core (~> 1.2)
      google-gax (~> 1.8)
      googleapis-common-protos (>= 1.3.9, < 2.0)
      googleapis-common-protos-types (>= 1.0.4, < 2.0)
      rbtree (~> 0.4.2)
    google-cloud-kms (1.6.0)
      google-gax (~> 1.8)
      googleapis-common-protos (>= 1.3.9, < 2.0)
      googleapis-common-protos-types (>= 1.0.4, < 2.0)
      grpc-google-iam-v1 (~> 0.6.9)
    google-cloud-language (0.36.0)
      google-gax (~> 1.8)
      googleapis-common-protos (>= 1.3.9, < 2.0)
      googleapis-common-protos-types (>= 1.0.4, < 2.0)
    google-cloud-logging (1.10.9)
      concurrent-ruby (~> 1.1)
      google-cloud-core (~> 1.2)
      google-gax (~> 1.8)
      googleapis-common-protos (>= 1.3.9, < 2.0)
      googleapis-common-protos-types (>= 1.0.4, < 2.0)
      stackdriver-core (~> 1.3)
    google-cloud-monitoring (0.38.0)
      google-gax (~> 1.8)
      googleapis-common-protos (>= 1.3.9, < 2.0)
      googleapis-common-protos-types (>= 1.0.4, < 2.0)
    google-cloud-os_login (0.7.0)
      google-gax (~> 1.8)
      googleapis-common-protos (>= 1.3.9, < 2.0)
      googleapis-common-protos-types (>= 1.0.4, < 2.0)
    google-cloud-phishing_protection (0.11.0)
      google-cloud-core (~> 1.5)
      google-cloud-phishing_protection-v1beta1 (~> 0.0)
    google-cloud-phishing_protection-v1beta1 (0.3.0)
      gapic-common (~> 0.3)
      google-cloud-errors (~> 1.0)
    google-cloud-pubsub (1.10.0)
      concurrent-ruby (~> 1.1)
      google-cloud-core (~> 1.2)
      google-gax (~> 1.8)
      googleapis-common-protos (>= 1.3.9, < 2.0)
      googleapis-common-protos-types (>= 1.0.4, < 2.0)
      grpc-google-iam-v1 (~> 0.6.9)
    google-cloud-recaptcha_enterprise (0.6.0)
      google-gax (~> 1.8)
      googleapis-common-protos (>= 1.3.9, < 2.0)
      googleapis-common-protos-types (>= 1.0.4, < 2.0)
      grpc-google-iam-v1 (~> 0.6.9)
    google-cloud-redis (0.8.2)
      google-gax (~> 1.8)
      googleapis-common-protos (>= 1.3.9, < 2.0)
      googleapis-common-protos-types (>= 1.0.4, < 2.0)
    google-cloud-resource_manager (0.36.0)
      google-apis-cloudresourcemanager_v1 (~> 0.1)
      google-cloud-core (~> 1.2)
      googleauth (~> 0.9)
    google-cloud-scheduler (1.3.1)
      google-gax (~> 1.8)
      googleapis-common-protos (>= 1.3.9, < 2.0)
      googleapis-common-protos-types (>= 1.0.4, < 2.0)
    google-cloud-security_center (0.10.0)
      google-gax (~> 1.8)
      googleapis-common-protos (>= 1.3.9, < 2.0)
      googleapis-common-protos-types (>= 1.0.4, < 2.0)
      grpc-google-iam-v1 (~> 0.6.9)
    google-cloud-spanner (1.16.2)
      concurrent-ruby (~> 1.0)
      google-cloud-core (~> 1.2)
      google-gax (~> 1.8)
      googleapis-common-protos (>= 1.3.9, < 2.0)
      googleapis-common-protos-types (>= 1.0.4, < 2.0)
      grpc-google-iam-v1 (~> 0.6.9)
    google-cloud-speech (0.41.0)
      google-gax (~> 1.8)
      googleapis-common-protos (>= 1.3.9, < 2.0)
      googleapis-common-protos-types (>= 1.0.4, < 2.0)
    google-cloud-storage (1.31.0)
      addressable (~> 2.5)
      digest-crc (~> 0.4)
      google-apis-iamcredentials_v1 (~> 0.1)
      google-apis-storage_v1 (~> 0.1)
      google-cloud-core (~> 1.2)
      googleauth (~> 0.9)
      mini_mime (~> 1.0)
    google-cloud-talent (0.20.0)
      google-cloud-core (~> 1.5)
      google-cloud-talent-v4beta1 (~> 0.0)
    google-cloud-talent-v4beta1 (0.4.0)
      gapic-common (~> 0.3)
      google-cloud-errors (~> 1.0)
    google-cloud-tasks (1.5.1)
      google-gax (~> 1.8)
      googleapis-common-protos (>= 1.3.9, < 2.0)
      googleapis-common-protos-types (>= 1.0.4, < 2.0)
      grpc-google-iam-v1 (~> 0.6.9)
    google-cloud-text_to_speech (0.7.0)
      google-gax (~> 1.8)
      googleapis-common-protos (>= 1.3.9, < 2.0)
      googleapis-common-protos-types (>= 1.0.4, < 2.0)
    google-cloud-trace (0.41.0)
      concurrent-ruby (~> 1.1)
      google-cloud-core (~> 1.5)
      google-cloud-trace-v1 (~> 0.0)
      google-cloud-trace-v2 (~> 0.0)
      stackdriver-core (~> 1.3)
    google-cloud-trace-v1 (0.3.0)
      gapic-common (~> 0.3)
      google-cloud-errors (~> 1.0)
    google-cloud-trace-v2 (0.3.0)
      gapic-common (~> 0.3)
      google-cloud-errors (~> 1.0)
    google-cloud-translate (2.3.0)
      faraday (>= 0.17.3, < 2.0)
      google-cloud-core (~> 1.2)
      google-gax (~> 1.8)
      googleapis-common-protos (>= 1.3.9, < 2.0)
      googleapis-common-protos-types (>= 1.0.4, < 2.0)
    google-cloud-video_intelligence (2.1.1)
      google-gax (~> 1.8)
      googleapis-common-protos (>= 1.3.9, < 2.0)
      googleapis-common-protos-types (>= 1.0.4, < 2.0)
    google-cloud-vision (0.38.0)
      google-gax (~> 1.8)
      googleapis-common-protos (>= 1.3.9, < 2.0)
      googleapis-common-protos-types (>= 1.0.4, < 2.0)
    google-gax (1.8.1)
      google-protobuf (~> 3.9)
      googleapis-common-protos (>= 1.3.9, < 2.0)
      googleauth (~> 0.9)
      grpc (~> 1.24)
      rly (~> 0.2.3)
    google-protobuf (3.16.0)
    googleapis-common-protos (1.3.11)
      google-protobuf (~> 3.14)
      googleapis-common-protos-types (>= 1.0.6, < 2.0)
      grpc (~> 1.27)
    googleapis-common-protos-types (1.0.6)
      google-protobuf (~> 3.14)
    googleauth (0.16.2)
      faraday (>= 0.17.3, < 2.0)
      jwt (>= 1.4, < 3.0)
      memoist (~> 0.16)
      multi_json (~> 1.11)
      os (>= 0.9, < 2.0)
      signet (~> 0.14)
    grpc (1.37.1)
      google-protobuf (~> 3.15)
      googleapis-common-protos-types (~> 1.0)
    grpc-google-iam-v1 (0.6.11)
      google-protobuf (~> 3.14)
      googleapis-common-protos (>= 1.3.11, < 2.0)
      grpc (~> 1.27)
    highline (2.0.3)
    httpclient (2.8.3)
    i18n (1.8.10)
      concurrent-ruby (~> 1.0)
    jenkins_api_client (1.5.3)
      json (>= 1.0)
      mixlib-shellout (>= 1.1.0)
      nokogiri (~> 1.6)
      socksify (>= 1.7.0)
      terminal-table (>= 1.4.0)
      thor (>= 0.16.0)
    json (2.5.1)
    jwt (2.2.3)
    kramdown (2.3.1)
      rexml
    memoist (0.16.2)
    method_source (0.9.2)
    mini_mime (1.1.0)
    mini_portile2 (2.5.1)
    minitest (5.14.4)
    mixlib-shellout (3.2.5)
      chef-utils
    multi_json (1.15.0)
    multipart-post (2.1.1)
    nokogiri (1.11.3)
      mini_portile2 (~> 2.5.0)
      racc (~> 1.4)
    octokit (4.21.0)
      faraday (>= 0.9)
      sawyer (~> 0.8.0, >= 0.5.3)
    oj (3.11.5)
    os (1.1.1)
    parallel (1.20.1)
    parser (3.0.1.1)
      ast (~> 2.4.1)
    pastel (0.8.0)
      tty-color (~> 0.5)
    pry (0.12.2)
      coderay (~> 1.1.0)
      method_source (~> 0.9.0)
    ptools (1.4.2)
    public_suffix (4.0.6)
    racc (1.5.2)
    rainbow (3.0.0)
    rake (10.5.0)
    rbtree (0.4.4)
    rchardet (1.8.0)
    regexp_parser (2.1.1)
    representable (3.1.1)
      declarative (< 0.1.0)
      trailblazer-option (>= 0.1.1, < 0.2.0)
      uber (< 0.2.0)
    retriable (3.1.2)
    rexml (3.2.5)
    rly (0.2.3)
    rouge (3.26.0)
    rspec (3.10.0)
      rspec-core (~> 3.10.0)
      rspec-expectations (~> 3.10.0)
      rspec-mocks (~> 3.10.0)
    rspec-core (3.10.1)
      rspec-support (~> 3.10.0)
    rspec-expectations (3.10.1)
      diff-lcs (>= 1.2.0, < 2.0)
      rspec-support (~> 3.10.0)
    rspec-mocks (3.10.2)
      diff-lcs (>= 1.2.0, < 2.0)
      rspec-support (~> 3.10.0)
    rspec-support (3.10.2)
    rubocop (1.14.0)
      parallel (~> 1.10)
      parser (>= 3.0.0.0)
      rainbow (>= 2.2.2, < 4.0)
      regexp_parser (>= 1.8, < 3.0)
      rexml
      rubocop-ast (>= 1.5.0, < 2.0)
      ruby-progressbar (~> 1.7)
      unicode-display_width (>= 1.4.0, < 3.0)
    rubocop-ast (1.5.0)
      parser (>= 3.0.1.1)
    ruby-progressbar (1.11.0)
    ruby2_keywords (0.0.4)
    sawyer (0.8.2)
      addressable (>= 2.3.5)
      faraday (> 0.8, < 2.0)
    semantic (1.6.1)
    signet (0.15.0)
      addressable (~> 2.3)
      faraday (>= 0.17.3, < 2.0)
      jwt (>= 1.5, < 3.0)
      multi_json (~> 1.10)
    socksify (1.7.1)
    stackdriver-core (1.5.0)
      google-cloud-core (~> 1.2)
    strings (0.2.1)
      strings-ansi (~> 0.2)
      unicode-display_width (>= 1.5, < 3.0)
      unicode_utils (~> 1.4)
    strings-ansi (0.2.0)
    terminal-table (3.0.1)
      unicode-display_width (>= 1.1.1, < 3)
    thor (0.20.3)
    thread_safe (0.3.6)
    trailblazer-option (0.1.1)
    tty-box (0.7.0)
      pastel (~> 0.8)
      strings (~> 0.2.0)
      tty-cursor (~> 0.7)
    tty-color (0.6.0)
    tty-command (0.10.1)
      pastel (~> 0.8)
    tty-config (0.4.0)
    tty-cursor (0.7.1)
    tty-editor (0.6.0)
      tty-prompt (~> 0.22)
    tty-file (0.10.0)
      diff-lcs (~> 1.3)
      pastel (~> 0.8)
      tty-prompt (~> 0.22)
    tty-font (0.5.0)
    tty-logger (0.6.0)
      pastel (~> 0.8)
    tty-markdown (0.7.0)
      kramdown (>= 1.16.2, < 3.0)
      pastel (~> 0.8)
      rouge (~> 3.14)
      strings (~> 0.2.0)
      tty-color (~> 0.5)
      tty-screen (~> 0.8)
    tty-pager (0.14.0)
      strings (~> 0.2.0)
      tty-screen (~> 0.8)
    tty-pie (0.4.0)
      pastel (~> 0.8)
      tty-cursor (~> 0.7)
    tty-platform (0.3.0)
    tty-progressbar (0.18.2)
      strings-ansi (~> 0.2)
      tty-cursor (~> 0.7)
      tty-screen (~> 0.8)
      unicode-display_width (>= 1.6, < 3.0)
    tty-prompt (0.23.1)
      pastel (~> 0.8)
      tty-reader (~> 0.8)
    tty-reader (0.9.0)
      tty-cursor (~> 0.7)
      tty-screen (~> 0.8)
      wisper (~> 2.0)
    tty-screen (0.8.1)
    tty-spinner (0.9.3)
      tty-cursor (~> 0.7)
    tty-table (0.12.0)
      pastel (~> 0.8)
      strings (~> 0.2.0)
      tty-screen (~> 0.8)
    tty-tree (0.4.0)
    tty-which (0.4.2)
    tzinfo (1.2.9)
      thread_safe (~> 0.1)
    uber (0.1.0)
    unicode-display_width (2.0.0)
    unicode_utils (1.4.0)
    webrick (1.7.0)
    wisper (2.0.1)
    yard_types (0.2.0)
    zeitwerk (2.2.2)
    zonefile (1.06)

PLATFORMS
  ruby

DEPENDENCIES
  bundler (~> 2.2.17)
  manifold-tools!
  pry (~> 0.12.2)
  rake (~> 10.0)
  rspec (~> 3.0)

BUNDLED WITH
   2.2.17
